GEM
  remote: http://rubygems.org/
  specs:
    contest (0.1.2)
    crack (0.1.6)
    flexmock (0.8.7)
    hashie (0.2.2)
    httparty (0.5.2)
      crack (= 0.1.6)
    json (1.4.6)
    oauth (0.4.3)
    test-unit (2.1.1)
    twitter (0.9.8)
      hashie (~> 0.2.0)
      httparty (~> 0.5.0)
      oauth (~> 0.4.1)
      yajl-ruby (~> 0.7.0)
    yajl-ruby (0.7.7)

PLATFORMS
  ruby

DEPENDENCIES
  contest
  flexmock
  json
  test-unit
  twitter
